GEM
  remote: https://rubygems.org/
  specs:
    concurrent-ruby (1.1.4)
    cpf_utils (1.3.1)
    faker (1.9.1)
      i18n (>= 0.7)
    i18n (1.2.0)
      concurrent-ruby (~> 1.0)

PLATFORMS
  ruby

DEPENDENCIES
  cpf_utils
  faker

BUNDLED WITH
   1.17.1
